PATH
  remote: .
  specs:
    fantasy-football (0.1.1)

GEM
  remote: https://rubygems.org/
  specs:
    coderay (1.1.2)
    method_source (0.9.2)
    mini_portile2 (2.3.0)
    nokogiri (1.8.5)
      mini_portile2 (~> 2.3.0)
    pry (0.12.2)
      coderay (~> 1.1.0)
      method_source (~> 0.9.0)
    rake (10.5.0)
    require_all (2.0.0)
    rspec (0.9.4)

PLATFORMS
  ruby

DEPENDENCIES
  bundler (~> 1.17)
  fantasy-football!
  nokogiri
  pry
  rake (~> 10.0)
  require_all
  rspec

BUNDLED WITH
   1.17.1
